GIT
  remote: git://github.com/RohanM/simple_form.git
  revision: 45f08a213b40f3d4bda5f5398db841137587160a
  specs:
    simple_form (2.0.2)
      actionpack (~> 3.0)
      activemodel (~> 3.0)

GIT
  remote: git://github.com/jeremydurham/custom-err-msg.git
  revision: 3a8ec9dddc7a5b0aab7c69a6060596de300c68f4
  specs:
    custom_error_message (1.1.1)

GIT
  remote: git://github.com/openfoodfoundation/better_spree_paypal_express.git
  revision: 840d973cd5bd3250b17674a624dad494aeb09eb3
  branch: hide-password
  specs:
    spree_paypal_express (2.0.3)
      paypal-sdk-merchant (= 1.106.1)
      spree_core (~> 1.3.4)

GIT
  remote: git://github.com/openfoodfoundation/spree.git
  revision: 6e3edfe40a5de8eba0095b2c5f3db9ea54c3afda
  branch: 1-3-stable
  specs:
    spree (1.3.6.beta)
      spree_api (= 1.3.6.beta)
      spree_cmd (= 1.3.6.beta)
      spree_core (= 1.3.6.beta)
      spree_promo (= 1.3.6.beta)
      spree_sample (= 1.3.6.beta)
    spree_api (1.3.6.beta)
      spree_core (= 1.3.6.beta)
      versioncake (= 0.4.0)
    spree_cmd (1.3.6.beta)
      thor (>= 0.14.6)
    spree_core (1.3.6.beta)
      activemerchant (~> 1.34)
      acts_as_list (= 0.1.4)
      awesome_nested_set (= 2.1.5)
      aws-sdk (~> 1.11.1)
      cancan (= 1.6.8)
      deface (>= 0.9.0)
      ffaker (~> 1.15.0)
      highline (= 1.6.18)
      jquery-rails (~> 2.2.0)
      json (>= 1.5.5)
      kaminari (= 0.14.1)
      money (= 5.1.1)
      paperclip (~> 3.0)
      rabl (= 0.7.2)
      rails (~> 3.2.16)
      ransack (= 0.7.2)
      select2-rails (= 3.5.9.3)
      state_machine (= 1.1.2)
      stringex (~> 1.3.2)
      truncate_html (~> 0.5.5)
    spree_promo (1.3.6.beta)
      spree_core (= 1.3.6.beta)
    spree_sample (1.3.6.beta)
      spree_core (= 1.3.6.beta)

GIT
  remote: git://github.com/spree/deface.git
  revision: 1110a1336252109bce7f98f9182042e0bc2930ae
  ref: 1110a13
  specs:
    deface (1.0.0.rc3)
      colorize (>= 0.5.8)
      nokogiri (~> 1.6.0)
      rails (>= 3.1)

GIT
  remote: git://github.com/spree/spree_auth_devise.git
  revision: ba95589a85368297c844f096c2a0c121e5b08138
  branch: 1-3-stable
  specs:
    spree_auth_devise (1.3.0)
      cancan (~> 1.6.7)
      devise (~> 2.2.3)
      devise-encryptable (= 0.1.2)
      spree_core

GIT
  remote: git://github.com/spree/spree_i18n.git
  revision: 752eb67204e9c5a4e22b62591a8fd55fe2285e43
  branch: 1-3-stable
  specs:
    spree_i18n (1.0.0)
      i18n (~> 0.5)
      rails-i18n
      spree_core (>= 1.1)

GIT
  remote: git://github.com/willrjmarshall/foundation_rails_helper.git
  revision: 4d5d53fdc4b1fb71e66524d298c5c635de82cfbb
  branch: rails3
  specs:
    foundation_rails_helper (0.4)
      actionpack (>= 3.0)
      activemodel (>= 3.0)
      railties (>= 3.0)

GEM
  remote: https://rubygems.org/
  specs:
    CFPropertyList (2.3.2)
    actionmailer (3.2.21)
      actionpack (= 3.2.21)
      mail (~> 2.5.4)
    actionpack (3.2.21)
      activemodel (= 3.2.21)
      activesupport (= 3.2.21)
      builder (~> 3.0.0)
      erubis (~> 2.7.0)
      journey (~> 1.0.4)
      rack (~> 1.4.5)
      rack-cache (~> 1.2)
      rack-test (~> 0.6.1)
      sprockets (~> 2.2.1)
    active_model_serializers (0.8.3)
      activemodel (>= 3.0)
    activemerchant (1.57.0)
      activesupport (>= 3.2.14, < 5.1)
      builder (>= 2.1.2, < 4.0.0)
      i18n (>= 0.6.9)
      nokogiri (~> 1.4)
    activemodel (3.2.21)
      activesupport (= 3.2.21)
      builder (~> 3.0.0)
    activerecord (3.2.21)
      activemodel (= 3.2.21)
      activesupport (= 3.2.21)
      arel (~> 3.0.2)
      tzinfo (~> 0.3.29)
    activeresource (3.2.21)
      activemodel (= 3.2.21)
      activesupport (= 3.2.21)
    activesupport (3.2.21)
      i18n (~> 0.6, >= 0.6.4)
      multi_json (~> 1.0)
    acts-as-taggable-on (3.5.0)
      activerecord (>= 3.2, < 5)
    acts_as_list (0.1.4)
    addressable (2.3.3)
    andand (1.3.3)
    angular-rails-templates (0.2.0)
      railties (>= 3.1)
      sprockets (~> 2)
      tilt
    angularjs-file-upload-rails (1.1.0)
    angularjs-rails (1.5.5)
    ansi (1.4.2)
    arel (3.0.3)
    atomic (1.1.99)
    awesome_nested_set (2.1.5)
      activerecord (>= 3.0.0)
    awesome_print (1.0.2)
    aws-sdk (1.11.1)
      json (~> 1.4)
      nokogiri (>= 1.4.4)
      uuidtools (~> 2.1)
    bcrypt (3.1.7)
    bcrypt-ruby (3.1.5)
      bcrypt (>= 3.1.3)
    blockenspiel (0.4.5)
    bugsnag (1.5.2)
      httparty (>= 0.6, < 1.0)
      multi_json (~> 1.0)
    builder (3.0.4)
    byebug (2.7.0)
      columnize (~> 0.3)
      debugger-linecache (~> 1.2)
    cancan (1.6.8)
    capybara (2.7.1)
      addressable
      mime-types (>= 1.16)
      nokogiri (>= 1.3.3)
      rack (>= 1.0.0)
      rack-test (>= 0.5.4)
      xpath (~> 2.0)
    celluloid (0.15.2)
      timers (~> 1.1.0)
    chronic (0.10.2)
    chunky_png (1.3.4)
    climate_control (0.0.3)
      activesupport (>= 3.0)
    cliver (0.3.2)
    cocaine (0.5.7)
      climate_control (>= 0.0.3, < 1.0)
    coderay (1.0.9)
    coffee-rails (3.2.2)
      coffee-script (>= 2.2.0)
      railties (~> 3.2.0)
    coffee-script (2.4.1)
      coffee-script-source
      execjs
    coffee-script-source (1.10.0)
    colorize (0.7.7)
    columnize (0.9.0)
    compass (1.0.3)
      chunky_png (~> 1.2)
      compass-core (~> 1.0.2)
      compass-import-once (~> 1.0.5)
      rb-fsevent (>= 0.9.3)
      rb-inotify (>= 0.9)
      sass (>= 3.3.13, < 3.5)
    compass-core (1.0.3)
      multi_json (~> 1.0)
      sass (>= 3.3.0, < 3.5)
    compass-import-once (1.0.5)
      sass (>= 3.2, < 3.5)
    compass-rails (2.0.4)
      compass (~> 1.0.0)
      sass-rails (<= 5.0.1)
      sprockets (< 2.13)
    crack (0.4.1)
      safe_yaml (~> 0.9.0)
    css_parser (1.3.5)
      addressable
    css_splitter (0.4.5)
      sprockets (>= 2.0.0)
    daemons (1.2.2)
    dalli (2.7.2)
    database_cleaner (0.7.1)
    db2fog (0.8.0)
      activerecord (~> 3.0)
      fog (~> 1.0)
      rails (~> 3.0)
    debugger-linecache (1.2.0)
    delayed_job (4.0.4)
      activesupport (>= 3.0, < 4.2)
    delayed_job_active_record (4.0.2)
      activerecord (>= 3.0, < 4.2)
      delayed_job (>= 3.0, < 4.1)
    devise (2.2.8)
      bcrypt-ruby (~> 3.0)
      orm_adapter (~> 0.1)
      railties (~> 3.1)
      warden (~> 1.2.1)
    devise-encryptable (0.1.2)
      devise (>= 2.1.0)
    diff-lcs (1.2.4)
    diffy (3.1.0)
    em-websocket (0.5.0)
      eventmachine (>= 0.12.9)
      http_parser.rb (~> 0.5.3)
    erubis (2.7.0)
    eventmachine (1.0.8)
    excon (0.45.4)
    execjs (2.6.0)
    factory_girl (3.3.0)
      activesupport (>= 3.0.0)
    factory_girl_rails (3.3.0)
      factory_girl (~> 3.3.0)
      railties (>= 3.0.0)
    ffaker (1.15.0)
    ffi (1.9.3)
    figaro (0.7.0)
      bundler (~> 1.0)
      rails (>= 3, < 5)
    fission (0.5.0)
      CFPropertyList (~> 2.2)
    fog (1.36.0)
      fog-aliyun (>= 0.1.0)
      fog-atmos
      fog-aws (>= 0.6.0)
      fog-brightbox (~> 0.4)
      fog-core (~> 1.32)
      fog-dynect (~> 0.0.2)
      fog-ecloud (~> 0.1)
      fog-google (<= 0.1.0)
      fog-json
      fog-local
      fog-powerdns (>= 0.1.1)
      fog-profitbricks
      fog-radosgw (>= 0.0.2)
      fog-riakcs
      fog-sakuracloud (>= 0.0.4)
      fog-serverlove
      fog-softlayer
      fog-storm_on_demand
      fog-terremark
      fog-vmfusion
      fog-voxel
      fog-xenserver
      fog-xml (~> 0.1.1)
      ipaddress (~> 0.5)
      nokogiri (~> 1.5, >= 1.5.11)
    fog-aliyun (0.1.0)
      fog-core (~> 1.27)
      fog-json (~> 1.0)
      ipaddress (~> 0.8)
      xml-simple (~> 1.1)
    fog-atmos (0.1.0)
      fog-core
      fog-xml
    fog-aws (0.7.6)
      fog-core (~> 1.27)
      fog-json (~> 1.0)
      fog-xml (~> 0.1)
      ipaddress (~> 0.8)
    fog-brightbox (0.9.0)
      fog-core (~> 1.22)
      fog-json
      inflecto (~> 0.0.2)
    fog-core (1.35.0)
      builder
      excon (~> 0.45)
      formatador (~> 0.2)
    fog-dynect (0.0.2)
      fog-core
      fog-json
      fog-xml
    fog-ecloud (0.3.0)
      fog-core
      fog-xml
    fog-google (0.1.0)
      fog-core
      fog-json
      fog-xml
    fog-json (1.0.2)
      fog-core (~> 1.0)
      multi_json (~> 1.10)
    fog-local (0.2.1)
      fog-core (~> 1.27)
    fog-powerdns (0.1.1)
      fog-core (~> 1.27)
      fog-json (~> 1.0)
      fog-xml (~> 0.1)
    fog-profitbricks (0.0.5)
      fog-core
      fog-xml
      nokogiri
    fog-radosgw (0.0.4)
      fog-core (>= 1.21.0)
      fog-json
      fog-xml (>= 0.0.1)
    fog-riakcs (0.1.0)
      fog-core
      fog-json
      fog-xml
    fog-sakuracloud (1.4.0)
      fog-core
      fog-json
    fog-serverlove (0.1.2)
      fog-core
      fog-json
    fog-softlayer (1.0.2)
      fog-core
      fog-json
    fog-storm_on_demand (0.1.1)
      fog-core
      fog-json
    fog-terremark (0.1.0)
      fog-core
      fog-xml
    fog-vmfusion (0.1.0)
      fission
      fog-core
    fog-voxel (0.1.0)
      fog-core
      fog-xml
    fog-xenserver (0.2.2)
      fog-core
      fog-xml
    fog-xml (0.1.2)
      fog-core
      nokogiri (~> 1.5, >= 1.5.11)
    foreigner (1.6.1)
      activerecord (>= 3.0.0)
    formatador (0.2.5)
    foundation-icons-sass-rails (3.0.0)
      railties (>= 3.1.1)
      sass-rails (>= 3.1.1)
    foundation-rails (5.5.0.0)
      railties (>= 3.1.0)
      sass (>= 3.2.0, < 3.4)
    fuubar (1.3.3)
      rspec (>= 2.14.0, < 3.1.0)
      ruby-progressbar (~> 1.4)
    geocoder (1.1.8)
    gmaps4rails (1.5.6)
    guard (2.2.4)
      formatador (>= 0.2.4)
      listen (~> 2.1)
      lumberjack (~> 1.0)
      pry (>= 0.9.12)
      thor (>= 0.18.1)
    guard-livereload (2.0.1)
      em-websocket (~> 0.5)
      guard (~> 2.0)
      multi_json (~> 1.8)
    guard-rails (0.4.7)
      guard (>= 0.2.2)
    guard-rspec (4.0.4)
      guard (>= 2.1.1)
      rspec (~> 2.14)
    guard-zeus (0.0.1)
      guard
      zeus
    haml (4.0.4)
      tilt
    highline (1.6.18)
    hike (1.2.3)
    http_parser.rb (0.5.3)
    httparty (0.13.1)
      json (~> 1.8)
      multi_xml (>= 0.5.2)
    i18n (0.6.11)
    immigrant (0.1.6)
      activerecord (>= 3.0)
      foreigner (>= 1.2.1)
    inflecto (0.0.2)
    ipaddress (0.8.0)
    journey (1.0.4)
    jquery-rails (2.2.2)
      railties (>= 3.0, < 5.0)
      thor (>= 0.14, < 2.0)
    json (1.8.3)
    json_spec (1.1.1)
      multi_json (~> 1.0)
      rspec (~> 2.0)
    kaminari (0.14.1)
      actionpack (>= 3.0.0)
      activesupport (>= 3.0.0)
    kgio (2.9.3)
    knapsack (1.5.1)
      rake
      timecop (>= 0.1.0)
    launchy (2.1.2)
      addressable (~> 2.3)
    letter_opener (1.0.0)
      launchy (>= 2.0.4)
    libv8 (3.16.14.11)
    listen (2.2.0)
      celluloid (>= 0.15.2)
      rb-fsevent (>= 0.9.3)
      rb-inotify (>= 0.9)
    lumberjack (1.0.4)
    mail (2.5.4)
      mime-types (~> 1.16)
      treetop (~> 1.4.8)
    method_source (0.8.2)
    mime-types (1.25.1)
    mini_portile2 (2.0.0)
    momentjs-rails (2.5.1)
      railties (>= 3.1)
    money (5.1.1)
      i18n (~> 0.6.0)
    multi_json (1.12.1)
    multi_xml (0.5.5)
    newrelic_rpm (3.12.0.288)
    nokogiri (1.6.7.2)
      mini_portile2 (~> 2.0.0.rc2)
    oj (2.1.2)
    orm_adapter (0.5.0)
    paper_trail (3.0.8)
      activerecord (>= 3.0, < 5.0)
      activesupport (>= 3.0, < 5.0)
    paperclip (3.5.4)
      activemodel (>= 3.0.0)
      activesupport (>= 3.0.0)
      cocaine (~> 0.5.3)
      mime-types
    parallel (1.4.1)
    parallel_tests (1.3.7)
      parallel
    paypal-sdk-core (0.2.10)
      multi_json (~> 1.0)
      xml-simple
    paypal-sdk-merchant (1.106.1)
      paypal-sdk-core (~> 0.2.3)
    pg (0.13.2)
    poltergeist (1.9.0)
      capybara (~> 2.1)
      cliver (~> 0.3.1)
      multi_json (~> 1.0)
      websocket-driver (>= 0.2.0)
    polyamorous (0.5.0)
      activerecord (~> 3.0)
    polyglot (0.3.5)
    pry (0.9.12.2)
      coderay (~> 1.0.5)
      method_source (~> 0.8)
      slop (~> 3.4)
    pry-byebug (1.3.2)
      byebug (~> 2.7)
      pry (~> 0.9.12)
    rabl (0.7.2)
      activesupport (>= 2.3.14)
      multi_json (~> 1.0)
    rack (1.4.7)
    rack-cache (1.2)
      rack (>= 0.4)
    rack-livereload (0.3.15)
      rack
    rack-ssl (1.3.4)
      rack
    rack-test (0.6.3)
      rack (>= 1.0)
    rails (3.2.21)
      actionmailer (= 3.2.21)
      actionpack (= 3.2.21)
      activerecord (= 3.2.21)
      activeresource (= 3.2.21)
      activesupport (= 3.2.21)
      bundler (~> 1.0)
      railties (= 3.2.21)
    rails-i18n (3.0.1)
      i18n (~> 0.5)
      rails (>= 3.0.0, < 4.0.0)
    railties (3.2.21)
      actionpack (= 3.2.21)
      activesupport (= 3.2.21)
      rack-ssl (~> 1.3.2)
      rake (>= 0.8.7)
      rdoc (~> 3.4)
      thor (>= 0.14.6, < 2.0)
    raindrops (0.13.0)
    rake (10.4.2)
    ransack (0.7.2)
      actionpack (~> 3.0)
      activerecord (~> 3.0)
      polyamorous (~> 0.5.0)
    rb-fsevent (0.9.3)
    rb-inotify (0.9.2)
      ffi (>= 0.5.0)
    rdoc (3.12.2)
      json (~> 1.4)
    redcarpet (3.2.3)
    ref (1.0.5)
    representative (1.0.5)
      activesupport (>= 2.2.2)
      builder (>= 2.1.2)
      i18n (>= 0.4.1)
      nokogiri (>= 1.4.2)
    representative_view (1.2.2)
      actionpack (> 2.3.0, < 4.0.0)
      representative (~> 1.0.2)
    roadie (3.0.1)
      css_parser (~> 1.3.4)
      nokogiri (~> 1.6.0)
    roadie-rails (1.0.3)
      rails (>= 3.0, < 4.2)
      roadie (~> 3.0)
    rspec (2.14.1)
      rspec-core (~> 2.14.0)
      rspec-expectations (~> 2.14.0)
      rspec-mocks (~> 2.14.0)
    rspec-core (2.14.4)
    rspec-expectations (2.14.0)
      diff-lcs (>= 1.1.3, < 2.0)
    rspec-mocks (2.14.2)
    rspec-rails (2.14.0)
      actionpack (>= 3.0)
      activesupport (>= 3.0)
      railties (>= 3.0)
      rspec-core (~> 2.14.0)
      rspec-expectations (~> 2.14.0)
      rspec-mocks (~> 2.14.0)
    rspec-retry (0.4.2)
      rspec-core
    ruby-progressbar (1.7.1)
    safe_yaml (0.9.5)
    sass (3.3.14)
    sass-rails (3.2.6)
      railties (~> 3.2.0)
      sass (>= 3.1.10)
      tilt (~> 1.3)
    select2-rails (3.5.9.3)
      thor (~> 0.14)
    shoulda-matchers (1.1.0)
      activesupport (>= 3.0.0)
    slop (3.4.5)
    spinjs-rails (1.3)
      rails (>= 3.1)
    sprockets (2.2.3)
      hike (~> 1.2)
      multi_json (~> 1.0)
      rack (~> 1.0)
      tilt (~> 1.1, != 1.3.0)
    state_machine (1.1.2)
    stringex (1.3.3)
    therubyracer (0.12.0)
      libv8 (~> 3.16.14.0)
      ref
    thor (0.19.1)
    tilt (1.4.1)
    timecop (0.6.2.2)
    timers (1.1.0)
    treetop (1.4.15)
      polyglot
      polyglot (>= 0.3.1)
    truncate_html (0.5.5)
    turbo-sprockets-rails3 (0.3.6)
      railties (> 3.2.8, < 4.0.0)
      sprockets (>= 2.0.0)
    turn (0.8.3)
      ansi
    tzinfo (0.3.44)
    uglifier (2.7.1)
      execjs (>= 0.3.0)
      json (>= 1.8.0)
    unicorn (4.9.0)
      kgio (~> 2.6)
      rack
      raindrops (~> 0.7)
    unicorn-rails (1.1.0)
      rack
      unicorn
    uuidtools (2.1.5)
    versioncake (0.4.0)
      actionpack (>= 3.0)
      activesupport (>= 3.0)
      railties (>= 3.0)
    warden (1.2.3)
      rack (>= 1.0)
    webmock (1.13.0)
      addressable (>= 2.2.7)
      crack (>= 0.3.2)
    websocket-driver (0.6.3)
      websocket-extensions (>= 0.1.0)
    websocket-extensions (0.1.2)
    whenever (0.9.2)
      activesupport (>= 2.3.4)
      chronic (>= 0.6.3)
    wicked_pdf (0.11.0)
      rails
    wkhtmltopdf-binary (0.9.9.3)
    xml-simple (1.1.4)
    xpath (2.0.0)
      nokogiri (~> 1.3)
    zeus (0.15.4)
      method_source (>= 0.6.7)

PLATFORMS
  ruby

DEPENDENCIES
  active_model_serializers
  acts-as-taggable-on (~> 3.4)
  andand
  angular-rails-templates (~> 0.2.0)
  angularjs-file-upload-rails (~> 1.1.0)
  angularjs-rails (= 1.5.5)
  atomic
  awesome_print
  aws-sdk
  blockenspiel
  bugsnag
  capybara
  coffee-rails (~> 3.2.1)
  compass-rails
  css_splitter
  custom_error_message!
  daemons
  dalli
  database_cleaner (= 0.7.1)
  db2fog
  debugger-linecache
  deface!
  delayed_job_active_record
  diffy
  factory_girl_rails
  figaro
  foreigner
  foundation-icons-sass-rails
  foundation-rails
  foundation_rails_helper!
  fuubar
  geocoder
  gmaps4rails
  guard
  guard-livereload
  guard-rails
  guard-rspec
  guard-zeus
  haml
  i18n (~> 0.6.11)
  immigrant
  jquery-rails
  json_spec
  knapsack
  letter_opener
  momentjs-rails
  newrelic_rpm
  nokogiri (>= 1.6.7.1)
  oj
  paper_trail (~> 3.0.8)
  paperclip
  parallel_tests
  pg
  poltergeist
  pry-byebug
  rabl
  rack-livereload
  rack-ssl
  rails (= 3.2.21)
  rails-i18n (~> 3.0.0)
  redcarpet
  representative_view
  roadie-rails (~> 1.0.3)
  rspec-rails
  rspec-retry
  sass (~> 3.3)
  sass-rails (~> 3.2.3)
  shoulda-matchers
  simple_form!
  spinjs-rails
  spree!
  spree_auth_devise!
  spree_i18n!
  spree_paypal_express!
  therubyracer
  timecop
  truncate_html
  turbo-sprockets-rails3
  turn (~> 0.8.3)
  uglifier (>= 1.0.3)
  unicorn
  unicorn-rails
  webmock
  whenever
  wicked_pdf
  wkhtmltopdf-binary

BUNDLED WITH
   1.12.5
